GEM
  remote: https://rubygems.org/
  specs:
    RubyInline (3.12.6)
      ZenTest (~> 4.3)
    ZenTest (4.12.1)
    ast (2.4.2)
    coderay (1.1.3)
    gosu (1.4.3)
    json (2.6.2)
    method_source (1.0.0)
    parallel (1.22.1)
    parser (3.1.2.0)
      ast (~> 2.4.1)
    pry (0.14.1)
      coderay (~> 1.1)
      method_source (~> 1.0)
    pry-nav (1.0.0)
      pry (>= 0.9.10, < 0.15)
    rainbow (3.1.1)
    regexp_parser (2.5.0)
    rexml (3.2.8)
      strscan (>= 3.0.9)
    rubocop (1.31.1)
      json (~> 2.3)
      parallel (~> 1.10)
      parser (>= 3.1.0.0)
      rainbow (>= 2.2.2, < 4.0)
      regexp_parser (>= 1.8, < 3.0)
      rexml (>= 3.2.5, < 4.0)
      rubocop-ast (>= 1.18.0, < 2.0)
      ruby-progressbar (~> 1.7)
      unicode-display_width (>= 1.4.0, < 3.0)
    rubocop-ast (1.18.0)
      parser (>= 3.1.1.0)
    ruby-progressbar (1.11.0)
    strscan (3.1.0)
    unicode-display_width (2.2.0)

PLATFORMS
  ruby

DEPENDENCIES
  RubyInline
  gosu (= 1.4.3)
  pry
  pry-nav
  rubocop

BUNDLED WITH
   2.1.4
